PATH
  remote: .
  specs:
    robohash (0.1.0)
      mini_magick (~> 4.11)
      naturally (~> 2.2)

GEM
  remote: https://rubygems.org/
  specs:
    diff-lcs (1.6.0)
    mini_magick (4.13.2)
    naturally (2.2.1)
    rake (13.2.1)
    rspec (3.13.0)
      rspec-core (~> 3.13.0)
      rspec-expectations (~> 3.13.0)
      rspec-mocks (~> 3.13.0)
    rspec-core (3.13.3)
      rspec-support (~> 3.13.0)
    rspec-expectations (3.13.3)
      diff-lcs (>= 1.2.0, < 2.0)
      rspec-support (~> 3.13.0)
    rspec-mocks (3.13.2)
      diff-lcs (>= 1.2.0, < 2.0)
      rspec-support (~> 3.13.0)
    rspec-support (3.13.2)

PLATFORMS
  ruby
  x86_64-linux

DEPENDENCIES
  rake (~> 13.0)
  robohash!
  rspec (~> 3.10)

BUNDLED WITH
   2.5.23
